GEM
  remote: http://rubygems.org/
  specs:
    activesupport (3.0.3)
    configuration (1.2.0)
    git (1.2.5)
    guard (0.2.2)
      open_gem (~> 1.4.2)
      thor (~> 0.14.3)
    guard-test (0.1.4)
      guard (>= 0.2.2)
      test-unit (~> 2.1)
    jeweler (1.5.2)
      bundler (~> 1.0.0)
      git (>= 1.2.5)
      rake
    launchy (0.3.7)
      configuration (>= 0.0.5)
      rake (>= 0.8.1)
    open_gem (1.4.2)
      launchy (~> 0.3.5)
    rake (0.8.7)
    shoulda (2.11.3)
    test-unit (2.1.2)
    thor (0.14.6)

PLATFORMS
  ruby

DEPENDENCIES
  activesupport (~> 3.0)
  guard-test (~> 0.1.4)
  jeweler (~> 1.5.2)
  shoulda (~> 2.11.3)
